PATH
  remote: .
  specs:
    i18n-sync (0.8.0)
      ya2yaml

GEM
  remote: https://rubygems.org/
  specs:
    diff-lcs (1.1.3)
    rspec (2.8.0)
      rspec-core (~> 2.8.0)
      rspec-expectations (~> 2.8.0)
      rspec-mocks (~> 2.8.0)
    rspec-core (2.8.0)
    rspec-expectations (2.8.0)
      diff-lcs (~> 1.1.2)
    rspec-mocks (2.8.0)
    ya2yaml (0.31)

PLATFORMS
  ruby

DEPENDENCIES
  i18n-sync!
  rspec (~> 2.8.0)
